GIT
  remote: git://github.com/spree/spree_i18n.git
  revision: b9135cc55efc2758e6ecb0a5dfa7e8aa566053c5
  specs:
    spree_i18n (1.0.0)
      spree_core (>= 0.30.0)

GEM
  remote: http://rubygems.org/
  specs:
    abstract (1.0.0)
    actionmailer (3.0.7)
      actionpack (= 3.0.7)
      mail (~> 2.2.15)
    actionpack (3.0.7)
      activemodel (= 3.0.7)
      activesupport (= 3.0.7)
      builder (~> 2.1.2)
      erubis (~> 2.6.6)
      i18n (~> 0.5.0)
      rack (~> 1.2.1)
      rack-mount (~> 0.6.14)
      rack-test (~> 0.5.7)
      tzinfo (~> 0.3.23)
    activemerchant (1.14.0)
      activesupport (>= 2.3.8)
      braintree (>= 2.0.0)
      builder (>= 2.0.0)
    activemodel (3.0.7)
      activesupport (= 3.0.7)
      builder (~> 2.1.2)
      i18n (~> 0.5.0)
    activerecord (3.0.7)
      activemodel (= 3.0.7)
      activesupport (= 3.0.7)
      arel (~> 2.0.2)
      tzinfo (~> 0.3.23)
    activeresource (3.0.7)
      activemodel (= 3.0.7)
      activesupport (= 3.0.7)
    activesupport (3.0.7)
    acts_as_list (0.1.2)
    archive-tar-minitar (0.5.2)
    arel (2.0.10)
    bcrypt-ruby (2.1.4)
    braintree (2.10.0)
      builder
    builder (2.1.2)
    cancan (1.6.4)
    capistrano (2.6.0)
      highline
      net-scp (>= 1.0.0)
      net-sftp (>= 2.0.0)
      net-ssh (>= 2.0.14)
      net-ssh-gateway (>= 1.1.0)
    columnize (0.3.2)
    dalli (1.0.4)
    devise (1.3.3)
      bcrypt-ruby (~> 2.1.2)
      orm_adapter (~> 0.0.3)
      warden (~> 1.0.3)
    erubis (2.6.6)
      abstract (>= 1.0.0)
    faker (0.9.5)
      i18n (~> 0.4)
    highline (1.5.1)
    i18n (0.5.0)
    jquery-rails (0.2.6)
      rails (~> 3.0)
      thor (~> 0.14.4)
    json (1.5.1)
    linecache (0.43)
    linecache19 (0.5.12)
      ruby_core_source (>= 0.1.4)
    mail (2.2.19)
      activesupport (>= 2.3.6)
      i18n (>= 0.4.0)
      mime-types (~> 1.16)
      treetop (~> 1.4.8)
    meta_search (1.0.5)
      actionpack (~> 3.0.2)
      activerecord (~> 3.0.2)
      activesupport (~> 3.0.2)
      arel (~> 2.0.2)
    mime-types (1.16)
    nested_set (1.6.4)
      activerecord (>= 3.0.0)
      railties (>= 3.0.0)
    net-scp (1.0.4)
      net-ssh (>= 1.99.1)
    net-sftp (2.0.5)
      net-ssh (>= 2.0.9)
    net-ssh (2.1.4)
    net-ssh-gateway (1.1.0)
      net-ssh (>= 1.99.1)
    nokogiri (1.4.4)
    orm_adapter (0.0.5)
    paperclip (2.3.8)
      activerecord
      activesupport
    polyglot (0.3.1)
    rack (1.2.2)
    rack-mount (0.6.14)
      rack (>= 1.0.0)
    rack-test (0.5.7)
      rack (>= 1.0)
    rails (3.0.7)
      actionmailer (= 3.0.7)
      actionpack (= 3.0.7)
      activerecord (= 3.0.7)
      activeresource (= 3.0.7)
      activesupport (= 3.0.7)
      bundler (~> 1.0)
      railties (= 3.0.7)
    railties (3.0.7)
      actionpack (= 3.0.7)
      activesupport (= 3.0.7)
      rake (>= 0.8.7)
      thor (~> 0.14.4)
    rake (0.8.7)
    rd_find_by_param (0.1.1)
      activerecord (~> 3.0)
      activesupport (~> 3.0)
    rd_resource_controller (1.0.1)
    rd_unobtrusive_date_picker (0.1.0)
    ruby-debug (0.10.4)
      columnize (>= 0.1)
      ruby-debug-base (~> 0.10.4.0)
    ruby-debug-base (0.10.4)
      linecache (>= 0.3)
    ruby-debug-base19 (0.11.25)
      columnize (>= 0.3.1)
      linecache19 (>= 0.5.11)
      ruby_core_source (>= 0.1.4)
    ruby-debug19 (0.11.6)
      columnize (>= 0.3.1)
      linecache19 (>= 0.5.11)
      ruby-debug-base19 (>= 0.11.19)
    ruby_core_source (0.1.5)
      archive-tar-minitar (>= 0.5.2)
    russian (0.2.7)
    spree (0.60.0)
      spree_api (= 0.60.0)
      spree_auth (= 0.60.0)
      spree_core (= 0.60.0)
      spree_dash (= 0.60.0)
      spree_promo (= 0.60.0)
      spree_sample (= 0.60.0)
    spree_address_book (0.50.1)
      spree_auth (>= 0.50.0)
      spree_core (>= 0.50.0)
    spree_api (0.60.0)
      spree_auth (= 0.60.0)
      spree_core (= 0.60.0)
    spree_auth (0.60.0)
      cancan (= 1.6.4)
      devise (= 1.3.3)
      spree_core (= 0.60.0)
    spree_core (0.60.0)
      activemerchant (= 1.14.0)
      acts_as_list (= 0.1.2)
      faker (= 0.9.5)
      highline (= 1.5.1)
      jquery-rails (= 0.2.6)
      meta_search (= 1.0.5)
      nested_set (= 1.6.4)
      paperclip (= 2.3.8)
      rails (= 3.0.7)
      rd_find_by_param (= 0.1.1)
      rd_resource_controller
      rd_unobtrusive_date_picker (= 0.1.0)
      state_machine (= 0.9.4)
      stringex (= 1.0.3)
      will_paginate (= 3.0.pre2)
    spree_dash (0.60.0)
      spree_core (= 0.60.0)
    spree_dynamic_sitemaps (0.50.1)
    spree_editor (0.50.0)
      spree_core (>= 0.40.0)
    spree_heroku (0.0.2)
    spree_online_support (0.50.0)
      spree_core (>= 0.40.3)
    spree_promo (0.60.0)
      spree_core (= 0.60.0)
    spree_robokassa (0.50.0)
      spree_core (>= 0.30.1)
    spree_sample (0.60.0)
      spree_core (= 0.60.0)
    spree_static_content (0.40.2)
      spree_core (>= 0.30.0)
      spree_editor
    spree_yandex_market (1.2.0)
      nokogiri (~> 1.4.0)
      spree_core (>= 0.50.0)
    sqlite3 (1.3.3)
    state_machine (0.9.4)
    stringex (1.0.3)
    synergy (0.50.0)
      json (= 1.5.1)
      nokogiri (= 1.4.4)
      russian (= 0.2.7)
      spree (>= 0.50.2)
      spree_address_book (~> 0.50.1)
      spree_dynamic_sitemaps (~> 0.50.1)
      spree_editor (~> 0.50.0)
      spree_online_support (~> 0.50.0)
      spree_robokassa (~> 0.50.0)
      spree_static_content (~> 0.40.2)
      spree_yandex_market (~> 1.2.0)
    synergy_default_theme (1.0.1)
      dalli (~> 1.0.3)
      synergy
    thor (0.14.6)
    treetop (1.4.9)
      polyglot (>= 0.3.1)
    tzinfo (0.3.27)
    warden (1.0.4)
      rack (>= 1.0)
    will_paginate (3.0.pre2)

PLATFORMS
  ruby

DEPENDENCIES
  capistrano
  rails (= 3.0.7)
  ruby-debug
  ruby-debug19
  russian
  spree (~> 0.60.0)
  spree_address_book
  spree_dynamic_sitemaps
  spree_editor
  spree_heroku
  spree_i18n!
  spree_online_support
  spree_robokassa
  spree_static_content
  spree_yandex_market
  sqlite3
  synergy (~> 0.50.0)
  synergy_default_theme (= 1.0.1)
